GEM
  remote: https://rubygems.org/
  specs:
    ansi (1.5.0)
    ast (2.2.0)
    aws-sdk (2.3.4)
      aws-sdk-resources (= 2.3.4)
    aws-sdk-core (2.3.4)
      jmespath (~> 1.0)
    aws-sdk-resources (2.3.4)
      aws-sdk-core (= 2.3.4)
    colorator (0.1)
    dotenv (2.1.1)
    em-websocket (0.5.1)
      eventmachine (>= 0.12.9)
      http_parser.rb (~> 0.6.0)
    eventmachine (1.2.2)
    ffi (1.9.17)
    http_parser.rb (0.6.0)
    jekyll (3.1.3)
      colorator (~> 0.1)
      jekyll-sass-converter (~> 1.0)
      jekyll-watch (~> 1.1)
      kramdown (~> 1.3)
      liquid (~> 3.0)
      mercenary (~> 0.3.3)
      rouge (~> 1.7)
      safe_yaml (~> 1.0)
    jekyll-emoji (1.0.3)
      jekyll (>= 2.0)
      oga (~> 1.2, >= 1.2.0)
      yajl-ruby (~> 1.2, >= 1.2.0)
    jekyll-livereload (0.2.2)
      em-websocket (~> 0.5)
      jekyll (~> 3.0)
    jekyll-sass-converter (1.5.0)
      sass (~> 3.4)
    jekyll-watch (1.5.0)
      listen (~> 3.0, < 3.1)
    jmespath (1.2.4)
      json_pure (>= 1.8.1)
    json_pure (1.8.3)
    kramdown (1.13.2)
    liquid (3.0.6)
    listen (3.0.8)
      rb-fsevent (~> 0.9, >= 0.9.4)
      rb-inotify (~> 0.9, >= 0.9.7)
    mercenary (0.3.6)
    oga (1.3.1)
      ast
      ruby-ll (~> 2.1)
    rb-fsevent (0.9.8)
    rb-inotify (0.9.8)
      ffi (>= 0.5.0)
    rouge (1.11.1)
    ruby-ll (2.1.2)
      ansi
      ast
    safe_yaml (1.0.4)
    sass (3.4.23)
    yajl-ruby (1.3.0)

PLATFORMS
  ruby

DEPENDENCIES
  aws-sdk
  dotenv
  jekyll (= 3.1.3)
  jekyll-emoji
  jekyll-livereload

BUNDLED WITH
   1.11.2
