GEM
  remote: https://rubygems.org/
  specs:
    addressable (2.5.2)
      public_suffix (>= 2.0.2, < 4.0)
    ansi (1.5.0)
    ast (2.2.0)
    aws-eventstream (1.2.0)
    aws-sdk (2.11.632)
      aws-sdk-resources (= 2.11.632)
    aws-sdk-core (2.11.632)
      aws-sigv4 (~> 1.0)
      jmespath (~> 1.0)
    aws-sdk-resources (2.11.632)
      aws-sdk-core (= 2.11.632)
    aws-sigv4 (1.5.2)
      aws-eventstream (~> 1, >= 1.0.2)
    colorator (1.1.0)
    colored (1.2)
    concurrent-ruby (1.0.5)
    configure-s3-website (2.3.0)
      aws-sdk (~> 2)
      deep_merge (~> 1.0.0)
    deep_merge (1.0.1)
    dotenv (1.0.2)
    em-websocket (0.5.1)
      eventmachine (>= 0.12.9)
      http_parser.rb (~> 0.6.0)
    eventmachine (1.2.2)
    ffi (1.9.18)
    forwardable-extended (2.6.0)
    http_parser.rb (0.6.0)
    i18n (0.9.3)
      concurrent-ruby (~> 1.0)
    jekyll (3.7.2)
      addressable (~> 2.4)
      colorator (~> 1.0)
      em-websocket (~> 0.5)
      i18n (~> 0.7)
      jekyll-sass-converter (~> 1.0)
      jekyll-watch (~> 2.0)
      kramdown (~> 1.14)
      liquid (~> 4.0)
      mercenary (~> 0.3.3)
      pathutil (~> 0.9)
      rouge (>= 1.7, < 4)
      safe_yaml (~> 1.0)
    jekyll-emoji (1.0.3)
      jekyll (>= 2.0)
      oga (~> 1.2, >= 1.2.0)
      yajl-ruby (~> 1.2, >= 1.2.0)
    jekyll-feed (0.3.1)
    jekyll-livereload (0.2.2)
      em-websocket (~> 0.5)
      jekyll (~> 3.0)
    jekyll-sass-converter (1.5.1)
      sass (~> 3.4)
    jekyll-watch (2.0.0)
      listen (~> 3.0)
    jmespath (1.6.2)
    kramdown (1.16.2)
    liquid (4.0.0)
    listen (3.1.5)
      rb-fsevent (~> 0.9, >= 0.9.4)
      rb-inotify (~> 0.9, >= 0.9.7)
      ruby_dep (~> 1.2)
    mercenary (0.3.6)
    oga (1.3.1)
      ast
      ruby-ll (~> 2.1)
    pathutil (0.16.1)
      forwardable-extended (~> 2.6)
    public_suffix (3.0.1)
    rake (12.0.0)
    rb-fsevent (0.10.2)
    rb-inotify (0.9.10)
      ffi (>= 0.5.0, < 2)
    rouge (3.1.0)
    ruby-ll (2.1.2)
      ansi
      ast
    ruby_dep (1.5.0)
    s3_website (3.4.0)
      colored (= 1.2)
      configure-s3-website (= 2.3.0)
      dotenv (~> 1.0)
      thor (~> 0.18)
    safe_yaml (1.0.4)
    sass (3.5.5)
      sass-listen (~> 4.0.0)
    sass-listen (4.0.0)
      rb-fsevent (~> 0.9, >= 0.9.4)
      rb-inotify (~> 0.9, >= 0.9.7)
    thor (0.20.3)
    yajl-ruby (1.3.1)

PLATFORMS
  ruby

DEPENDENCIES
  jekyll (= 3.7.2)
  jekyll-emoji
  jekyll-feed
  jekyll-livereload
  rake
  s3_website

BUNDLED WITH
   1.17.2
